GEM
  remote: https://rubygems.org/
  specs:
    bson (1.9.2)
    celluloid (0.15.2)
      timers (~> 1.1.0)
    daemons (1.1.9)
    ffi (1.9.3)
    listen (2.4.1)
      celluloid (>= 0.15.2)
      rb-fsevent (>= 0.9.3)
      rb-inotify (>= 0.9)
    mongo (1.9.2)
      bson (~> 1.9.2)
    rb-fsevent (0.9.4)
    rb-inotify (0.9.3)
      ffi (>= 0.5.0)
    timers (1.1.0)
    unicode (0.4.4)

PLATFORMS
  ruby

DEPENDENCIES
  daemons
  listen
  mongo
  unicode
